GEM
  remote: http://rubygems.org/
  specs:
    agnostic-will_paginate (3.0.0)
    arrayfields (4.7.4)
    bson (1.6.3)
    bson_ext (1.6.3)
      bson (~> 1.6.3)
    chronic (0.6.7)
    fattr (2.2.1)
    main (5.0.1)
      arrayfields (>= 4.7.4)
      chronic (>= 0.6.2)
      fattr (>= 2.2.0)
      map (>= 5.1.0)
    map (6.0.1)
    mongo (1.6.3)
      bson (~> 1.6.3)
    mongo_ext (0.19.3)
    mongo_rack (0.0.5)
      mongo (>= 0.18.2)
      mongo_ext (>= 0.18.2)
      rack (>= 1.0.1)
    rack (1.4.1)
    rack-protection (1.2.0)
      rack
    rake (0.9.2.2)
    sinatra (1.3.2)
      rack (~> 1.3, >= 1.3.6)
      rack-protection (~> 1.2)
      tilt (~> 1.3, >= 1.3.3)
    tilt (1.3.3)

PLATFORMS
  ruby

DEPENDENCIES
  agnostic-will_paginate
  bson
  bson_ext
  main
  mongo
  mongo_rack
  rake (~> 0.9.0)
  sinatra
