GEM
  remote: http://rubygems.org/
  specs:
    agnostic-will_paginate (3.0.0)
    arrayfields (4.7.4)
    bones (3.8.0)
      little-plugger (~> 1.1.3)
      loquacious (~> 1.9.1)
      rake (>= 0.8.7)
    bones-git (1.3.0)
      bones (>= 3.6)
      git (>= 1.2.5)
    bson (1.5.2)
    bson_ext (1.5.2)
      bson (= 1.5.2)
    chronic (0.6.7)
    fattr (2.2.1)
    git (1.2.5)
    little-plugger (1.1.3)
    loquacious (1.9.1)
    main (4.8.1)
      arrayfields (~> 4.7.4)
      chronic (~> 0.6.2)
      fattr (~> 2.2.0)
      map (~> 5.1.0)
    map (5.1.0)
    mongo (1.5.2)
      bson (= 1.5.2)
    mongo_ext (0.19.3)
    mongo_rack (0.0.5)
      mongo (>= 0.18.2)
      mongo_ext (>= 0.18.2)
      rack (>= 1.0.1)
    rack (1.4.1)
    rack-protection (1.2.0)
      rack
    rake (0.9.2.2)
    sinatra (1.3.2)
      rack (~> 1.3, >= 1.3.6)
      rack-protection (~> 1.2)
      tilt (~> 1.3, >= 1.3.3)
    tilt (1.3.3)

PLATFORMS
  ruby

DEPENDENCIES
  agnostic-will_paginate
  bones
  bones-git
  bson
  bson_ext
  main
  mongo
  mongo_rack
  rake (~> 0.9.0)
  sinatra
